GEM
  remote: https://rubygems.org/
  specs:
    chunky_png (1.3.0)
    mini_magick (3.7.0)
      subexec (~> 0.2.1)
    oily_png (1.1.1)
      chunky_png (~> 1.3.0)
    rack (1.5.2)
    rack-protection (1.5.3)
      rack
    sinatra (1.4.4)
      rack (~> 1.4)
      rack-protection (~> 1.4)
      tilt (~> 1.3, >= 1.3.4)
    subexec (0.2.3)
    tilt (1.4.1)

PLATFORMS
  ruby

DEPENDENCIES
  mini_magick (~> 3.7.0)
  oily_png (= 1.1.1)
  sinatra (= 1.4.4)
