GEM
  remote: https://rubygems.org/
  specs:
    addressable (2.3.6)
    chunky_png (1.3.0)
    faraday (0.9.0)
      multipart-post (>= 1.2, < 3)
    mini_magick (3.7.0)
      subexec (~> 0.2.1)
    multipart-post (2.0.0)
    octokit (3.1.0)
      sawyer (~> 0.5.3)
    oily_png (1.1.1)
      chunky_png (~> 1.3.0)
    rack (1.5.2)
    rack-protection (1.5.3)
      rack
    sawyer (0.5.4)
      addressable (~> 2.3.5)
      faraday (~> 0.8, < 0.10)
    sinatra (1.4.4)
      rack (~> 1.4)
      rack-protection (~> 1.4)
      tilt (~> 1.3, >= 1.3.4)
    subexec (0.2.3)
    tilt (1.4.1)

PLATFORMS
  ruby

DEPENDENCIES
  mini_magick (= 3.7.0)
  octokit (= 3.1.0)
  oily_png (= 1.1.1)
  sinatra (= 1.4.4)
